GEM
  remote: https://rubygems.org/
  remote: https://rails-assets.org/
  specs:
    actionmailer (4.1.2.rc1)
      actionpack (= 4.1.2.rc1)
      actionview (= 4.1.2.rc1)
      mail (~> 2.5.4)
    actionpack (4.1.2.rc1)
      actionview (= 4.1.2.rc1)
      activesupport (= 4.1.2.rc1)
      rack (~> 1.5.2)
      rack-test (~> 0.6.2)
    actionview (4.1.2.rc1)
      activesupport (= 4.1.2.rc1)
      builder (~> 3.1)
      erubis (~> 2.7.0)
    activemodel (4.1.2.rc1)
      activesupport (= 4.1.2.rc1)
      builder (~> 3.1)
    activerecord (4.1.2.rc1)
      activemodel (= 4.1.2.rc1)
      activesupport (= 4.1.2.rc1)
      arel (~> 5.0.0)
    activesupport (4.1.2.rc1)
      i18n (~> 0.6, >= 0.6.9)
      json (~> 1.7, >= 1.7.7)
      minitest (~> 5.1)
      thread_safe (~> 0.1)
      tzinfo (~> 1.1)
    archive-tar-minitar (0.5.2)
    arel (5.0.1.20140414130214)
    bcrypt (3.1.7)
    builder (3.2.2)
    cancancan (1.9.2)
    capistrano (3.2.1)
      i18n
      rake (>= 10.0.0)
      sshkit (~> 1.3)
    capistrano-bundler (1.1.3)
      capistrano (~> 3.1)
      sshkit (~> 1.2)
    capistrano-rails (1.1.2)
      capistrano (~> 3.1)
      capistrano-bundler (~> 1.1)
    capistrano-rbenv (2.0.2)
      capistrano (~> 3.1)
      sshkit (~> 1.3)
    celluloid (0.15.2)
      timers (~> 1.1.0)
    coffee-rails (4.0.1)
      coffee-script (>= 2.2.0)
      railties (>= 4.0.0, < 5.0)
    coffee-script (2.3.0)
      coffee-script-source
      execjs
    coffee-script-source (1.8.0)
    colorize (0.7.3)
    commonjs (0.2.7)
    connection_pool (2.0.0)
    devise (3.4.0)
      bcrypt (~> 3.0)
      orm_adapter (~> 0.1)
      railties (>= 3.2.6, < 5)
      responders
      thread_safe (~> 0.1)
      warden (~> 1.2.3)
    diff-lcs (1.2.5)
    docker-api (1.13.6)
      archive-tar-minitar
      excon (>= 0.38.0)
      json
    dotenv (1.0.2)
    dotenv-rails (1.0.2)
      dotenv (= 1.0.2)
    erubis (2.7.0)
    excon (0.40.0)
    execjs (2.2.2)
    font-awesome-sass (4.2.1)
      sass (~> 3.2)
    haml (4.0.5)
      tilt
    haml-rails (0.5.3)
      actionpack (>= 4.0.1)
      activesupport (>= 4.0.1)
      haml (>= 3.1, < 5.0)
      railties (>= 4.0.1)
    hike (1.2.3)
    i18n (0.6.11)
    jquery-rails (3.1.2)
      railties (>= 3.0, < 5.0)
      thor (>= 0.14, < 2.0)
    json (1.8.1)
    kgio (2.9.2)
    less (2.5.1)
      commonjs (~> 0.2.7)
    less-rails (2.5.0)
      actionpack (>= 3.1)
      less (~> 2.5.0)
    libv8 (3.16.14.7)
    mail (2.5.4)
      mime-types (~> 1.16)
      treetop (~> 1.4.8)
    mime-types (1.25.1)
    minitest (5.4.2)
    multi_json (1.10.1)
    net-scp (1.2.1)
      net-ssh (>= 2.6.5)
    net-ssh (2.9.1)
    netrc (0.8.0)
    orm_adapter (0.5.0)
    pg (0.17.1)
    polyglot (0.3.5)
    rack (1.5.2)
    rack-test (0.6.2)
      rack (>= 1.0)
    rails (4.1.2.rc1)
      actionmailer (= 4.1.2.rc1)
      actionpack (= 4.1.2.rc1)
      actionview (= 4.1.2.rc1)
      activemodel (= 4.1.2.rc1)
      activerecord (= 4.1.2.rc1)
      activesupport (= 4.1.2.rc1)
      bundler (>= 1.3.0, < 2.0)
      railties (= 4.1.2.rc1)
      sprockets-rails (~> 2.0)
    rails-assets (0.5.2)
      haml-rails
      rails (>= 3.1.0)
      sass-rails
      sprockets
    rails-assets-countUp.js (1.3.1)
    rails-assets-d3 (3.4.12)
    rails-assets-fullcalendar (2.1.1)
      rails-assets-jquery (>= 1.7.1)
      rails-assets-moment (>= 2.5.0)
    rails-assets-jquery (2.1.1)
    rails-assets-jquery.payment (1.1.4)
      rails-assets-jquery (>= 1.5)
    rails-assets-moment (2.8.3)
    rails-assets-nvd3 (1.1.15.beta)
      rails-assets-d3 (~> 3.4.1)
    railties (4.1.2.rc1)
      actionpack (= 4.1.2.rc1)
      activesupport (= 4.1.2.rc1)
      rake (>= 0.8.7)
      thor (>= 0.18.1, < 2.0)
    raindrops (0.13.0)
    rake (10.3.2)
    redis (3.1.0)
    redis-namespace (1.5.1)
      redis (~> 3.0, >= 3.0.4)
    ref (1.0.5)
    responders (1.1.1)
      railties (>= 3.2, < 4.2)
    rest-client (1.7.2)
      mime-types (>= 1.16, < 3.0)
      netrc (~> 0.7)
    rspec-core (3.1.7)
      rspec-support (~> 3.1.0)
    rspec-expectations (3.1.2)
      diff-lcs (>= 1.2.0, < 2.0)
      rspec-support (~> 3.1.0)
    rspec-mocks (3.1.3)
      rspec-support (~> 3.1.0)
    rspec-rails (3.1.0)
      actionpack (>= 3.0)
      activesupport (>= 3.0)
      railties (>= 3.0)
      rspec-core (~> 3.1.0)
      rspec-expectations (~> 3.1.0)
      rspec-mocks (~> 3.1.0)
      rspec-support (~> 3.1.0)
    rspec-support (3.1.2)
    sass (3.2.19)
    sass-rails (4.0.3)
      railties (>= 4.0.0, < 5.0)
      sass (~> 3.2.0)
      sprockets (~> 2.8, <= 2.11.0)
      sprockets-rails (~> 2.0)
    sidekiq (3.2.5)
      celluloid (= 0.15.2)
      connection_pool (>= 2.0.0)
      json
      redis (>= 3.0.6)
      redis-namespace (>= 1.3.1)
    simple_form (3.0.2)
      actionpack (~> 4.0)
      activemodel (~> 4.0)
    spring (1.1.3)
    sprockets (2.11.0)
      hike (~> 1.2)
      multi_json (~> 1.0)
      rack (~> 1.0)
      tilt (~> 1.1, != 1.3.0)
    sprockets-rails (2.2.0)
      actionpack (>= 3.0)
      activesupport (>= 3.0)
      sprockets (>= 2.8, < 4.0)
    sshkit (1.5.1)
      colorize
      net-scp (>= 1.1.2)
      net-ssh (>= 2.8.0)
    stripe (1.16.0)
      json (~> 1.8.1)
      mime-types (>= 1.25, < 3.0)
      rest-client (~> 1.4)
    therubyracer (0.12.1)
      libv8 (~> 3.16.14.0)
      ref
    thor (0.19.1)
    thread_safe (0.3.4)
    tilt (1.4.1)
    timers (1.1.0)
    treetop (1.4.15)
      polyglot
      polyglot (>= 0.3.1)
    twitter-bootstrap-rails (3.2.0)
      actionpack (~> 4.1)
      execjs (~> 2.2)
      rails (~> 4.1)
      railties (~> 4.1)
    tzinfo (1.2.2)
      thread_safe (~> 0.1)
    uglifier (2.5.3)
      execjs (>= 0.3.0)
      json (>= 1.8.0)
    unicorn (4.8.3)
      kgio (~> 2.6)
      rack
      raindrops (~> 0.7)
    warden (1.2.3)
      rack (>= 1.0)

PLATFORMS
  ruby

DEPENDENCIES
  cancancan
  capistrano (~> 3.2.1)
  capistrano-bundler
  capistrano-rails (~> 1.1.2)
  capistrano-rbenv (~> 2.0)
  coffee-rails (~> 4.0.0)
  devise
  docker-api
  dotenv-rails
  font-awesome-sass (~> 4.2.0)
  jquery-rails
  less-rails
  pg
  rails (= 4.1.2.rc1)
  rails-assets
  rails-assets-countUp.js
  rails-assets-fullcalendar
  rails-assets-jquery.payment
  rails-assets-moment
  rails-assets-nvd3
  rspec-rails
  sass-rails (~> 4.0.3)
  sidekiq
  simple_form
  spring
  stripe
  therubyracer
  twitter-bootstrap-rails (~> 3.2.0)
  uglifier (>= 1.3.0)
  unicorn
